PATH
  remote: .
  specs:
    web_to_calendar_api (0.1.0)
      httparty (= 0.16.2)
      nokogiri

GEM
  remote: https://rubygems.org/
  specs:
    addressable (2.8.1)
      public_suffix (>= 2.0.2, < 6.0)
    crack (0.4.5)
      rexml
    hashdiff (1.0.1)
    httparty (0.16.2)
      multi_xml (>= 0.5.2)
    mini_portile2 (2.4.0)
    minitest (5.14.2)
    multi_xml (0.6.0)
    nokogiri (1.10.10)
      mini_portile2 (~> 2.4.0)
    public_suffix (4.0.7)
    rake (13.0.6)
    rexml (3.2.5)
    webmock (3.18.1)
      addressable (>= 2.8.0)
      crack (>= 0.3.2)
      hashdiff (>= 0.4.0, < 2.0.0)

PLATFORMS
  ruby

DEPENDENCIES
  bundler (~> 1.16)
  minitest (~> 5.0)
  rake (~> 13.0)
  web_to_calendar_api!
  webmock

BUNDLED WITH
   1.17.3
